GEM
  specs:
    cityhash (0.6.0)

PLATFORMS
  ruby

DEPENDENCIES
  cityhash
